PATH
  remote: .
  specs:
    tdms (1.0.0)
      require_all

GEM
  remote: https://rubygems.org/
  specs:
    minitest (5.5.1)
    rake (10.3.2)
    require_all (1.3.2)

PLATFORMS
  ruby

DEPENDENCIES
  bundler (>= 1.7)
  minitest
  rake (~> 10.0)
  tdms!
