PATH
  remote: .
  specs:
    tdms (1.0.0)
      coalesce
      require_all

GEM
  remote: https://rubygems.org/
  specs:
    coalesce (0.0.1)
    docile (1.1.5)
    minitest (5.5.1)
    multi_json (1.11.0)
    rake (10.3.2)
    require_all (1.3.2)
    simplecov (0.9.2)
      docile (~> 1.1.0)
      multi_json (~> 1.0)
      simplecov-html (~> 0.9.0)
    simplecov-html (0.9.0)

PLATFORMS
  ruby

DEPENDENCIES
  bundler (>= 1.7)
  minitest
  rake (~> 10.0)
  simplecov
  tdms!
